GEM
  remote: https://rubygems.org/
  specs:
    minitest (5.20.0)
    rake (13.1.0)

PLATFORMS
  x64-mingw-ucrt

DEPENDENCIES
  minitest
  rake

BUNDLED WITH
   2.5.6
